GEM
  remote: https://rubygems.org/
  specs:
    econfig (0.1.1)
    rake (10.3.1)
    redstorm (0.6.6)
      rake

PLATFORMS
  java
  ruby

DEPENDENCIES
  econfig
  redstorm
